PATH
  remote: .
  specs:
    ssh_tunnels (0.2.0)
      curses (~> 1.3)
      net-ssh-gateway (~> 2.0)

GEM
  remote: https://rubygems.org/
  specs:
    ast (2.4.2)
    concurrent-ruby (1.2.3)
    curses (1.4.4)
    diff-lcs (1.5.1)
    i18n (1.14.4)
      concurrent-ruby (~> 1.0)
    net-ssh (7.2.3)
    net-ssh-gateway (2.0.0)
      net-ssh (>= 4.0.0)
    paint (2.3.0)
    parallel (1.24.0)
    parser (3.3.0.5)
      ast (~> 2.4.1)
      racc
    racc (1.7.3)
    rainbow (3.1.1)
    regexp_parser (2.9.0)
    rexml (3.2.6)
    rspec (3.13.0)
      rspec-core (~> 3.13.0)
      rspec-expectations (~> 3.13.0)
      rspec-mocks (~> 3.13.0)
    rspec-core (3.13.0)
      rspec-support (~> 3.13.0)
    rspec-expectations (3.13.0)
      diff-lcs (>= 1.2.0, < 2.0)
      rspec-support (~> 3.13.0)
    rspec-mocks (3.13.0)
      diff-lcs (>= 1.2.0, < 2.0)
      rspec-support (~> 3.13.0)
    rspec-support (3.13.1)
    rubocop (0.86.0)
      parallel (~> 1.10)
      parser (>= 2.7.0.1)
      rainbow (>= 2.2.2, < 4.0)
      regexp_parser (>= 1.7)
      rexml
      rubocop-ast (>= 0.0.3, < 1.0)
      ruby-progressbar (~> 1.7)
      unicode-display_width (>= 1.4.0, < 2.0)
    rubocop-ast (0.8.0)
      parser (>= 2.7.1.5)
    ruby-progressbar (1.13.0)
    strong_versions (0.4.5)
      i18n (>= 0.5)
      paint (~> 2.0)
    unicode-display_width (1.8.0)

PLATFORMS
  ruby

DEPENDENCIES
  rspec (~> 3.9)
  rubocop (~> 0.86.0)
  ssh_tunnels!
  strong_versions (~> 0.4.4)

BUNDLED WITH
   2.1.4
